GEM
  remote: https://rubygems.org/
  specs:
    byebug (11.1.3)
    mysql2 (0.5.5)

PLATFORMS
  aarch64-linux

DEPENDENCIES
  byebug
  mysql2

BUNDLED WITH
   2.3.26
